GEM
  remote: https://rubygems.org/
  specs:
    erubis (2.7.0)
    hoe (3.23.0)
      rake (>= 0.8, < 15.0)
    rake (13.0.6)
    ruby2ruby (2.4.4)
      ruby_parser (~> 3.1)
      sexp_processor (~> 4.6)
    ruby_parser (3.17.0)
      sexp_processor (~> 4.15, >= 4.15.1)
    sexp_processor (4.16.0)

PLATFORMS
  universal-darwin-20

DEPENDENCIES
  erubis
  hoe
  rake
  ruby2ruby
  ruby_parser
  sexp_processor

BUNDLED WITH
   2.2.27
